GEM
  remote: http://rubygems.org/
  specs:
    coffee-script (2.2.0)
      coffee-script-source
      execjs
    coffee-script-source (1.3.1)
    execjs (1.3.0)
      multi_json (~> 1.0)
    multi_json (1.3.2)
    rack (1.4.1)
    rack-coffee (1.0.0)
      coffee-script
      rack
    rack-rewrite (1.2.1)

PLATFORMS
  ruby

DEPENDENCIES
  rack
  rack-coffee
  rack-rewrite
